PATH
  remote: .
  specs:
    gwt (0.0.3)
      fakeweb
      gdata
      nokogiri
      rake (= 0.9.2)
      rspec
      sinatra (= 1.1.3)
      vcr

GEM
  remote: http://rubygems.org/
  specs:
    diff-lcs (1.1.2)
    fakeweb (1.3.0)
    gdata (1.1.2)
    nokogiri (1.5.0)
    rack (1.3.0)
    rake (0.9.2)
    rspec (2.6.0)
      rspec-core (~> 2.6.0)
      rspec-expectations (~> 2.6.0)
      rspec-mocks (~> 2.6.0)
    rspec-core (2.6.4)
    rspec-expectations (2.6.0)
      diff-lcs (~> 1.1.2)
    rspec-mocks (2.6.0)
    sinatra (1.1.3)
      rack (~> 1.1)
      tilt (< 2.0, >= 1.2.2)
    tilt (1.3.2)
    vcr (1.10.0)

PLATFORMS
  ruby

DEPENDENCIES
  gwt!
