PATH
  remote: .
  specs:
    gwt (0.0.1)
      gdata
      rake

GEM
  remote: http://rubygems.org/
  specs:
    gdata (1.1.2)
    rake (0.9.2)

PLATFORMS
  ruby

DEPENDENCIES
  gwt!
