PATH
  remote: .
  specs:
    gwt (0.0.1)
      gdata

GEM
  remote: http://rubygems.org/
  specs:
    gdata (1.1.2)

PLATFORMS
  ruby

DEPENDENCIES
  gwt!
