PATH
  remote: .
  specs:
    gwt (0.0.2)
      gdata
      rake (= 0.8.7)
      sinatra (= 1.1.3)

GEM
  remote: http://rubygems.org/
  specs:
    gdata (1.1.2)
    rack (1.3.0)
    rake (0.8.7)
    sinatra (1.1.3)
      rack (~> 1.1)
      tilt (< 2.0, >= 1.2.2)
    tilt (1.3.2)

PLATFORMS
  ruby

DEPENDENCIES
  gwt!
